GEM
  remote: http://ruby.taobao.org/
  specs:
    activemodel (4.0.3)
      activesupport (= 4.0.3)
      builder (~> 3.1.0)
    activerecord (4.0.3)
      activemodel (= 4.0.3)
      activerecord-deprecated_finders (~> 1.0.2)
      activesupport (= 4.0.3)
      arel (~> 4.0.0)
    activerecord-deprecated_finders (1.0.3)
    activesupport (4.0.3)
      i18n (~> 0.6, >= 0.6.4)
      minitest (~> 4.2)
      multi_json (~> 1.3)
      thread_safe (~> 0.1)
      tzinfo (~> 0.3.37)
    arel (4.0.2)
    atomic (1.1.15)
    awesome_print (1.2.0)
    builder (3.1.4)
    curb (0.8.5)
    feedjira (1.1.0)
      curb (~> 0.8.1)
      loofah (~> 1.2.1)
      sax-machine (~> 0.2.1)
    guess_html_encoding (0.0.9)
    i18n (0.6.9)
    loofah (1.2.1)
      nokogiri (>= 1.4.4)
    mini_portile (0.5.1)
    minitest (4.7.5)
    multi_json (1.8.4)
    nokogiri (1.6.0)
      mini_portile (~> 0.5.0)
    nokogiri (1.6.0-x86-mingw32)
      mini_portile (~> 0.5.0)
    sax-machine (0.2.1)
      nokogiri (~> 1.6.0)
    sixarm_ruby_magic_number_type (2.0.0)
    sqlite3 (1.3.9)
    sqlite3 (1.3.9-x86-mingw32)
    thread_safe (0.2.0)
      atomic (>= 1.1.7, < 2)
    tzinfo (0.3.38)

PLATFORMS
  ruby
  x86-mingw32

DEPENDENCIES
  activerecord
  awesome_print
  feedjira
  guess_html_encoding
  nokogiri
  sixarm_ruby_magic_number_type
  sqlite3
